PATH
  remote: .
  specs:
    kanshi (0.0.2)
      pg
      scrolls (~> 0.2)
      sequel (~> 3.0)

GEM
  remote: https://rubygems.org/
  specs:
    pg (0.14.1)
    scrolls (0.2.3)
    sequel (3.40.0)

PLATFORMS
  ruby

DEPENDENCIES
  kanshi!
